PATH
  remote: .
  specs:
    cramp (0.12)
      activesupport (~> 2.3.9)
      eventmachine (~> 0.12.10)
      rack (~> 1.2.1)

GEM
  remote: http://rubygems.org/
  specs:
    activerecord (2.3.9)
      activesupport (= 2.3.9)
    activesupport (2.3.9)
    addressable (2.2.4)
    daemons (1.1.0)
    em-http-request (0.3.0)
      addressable (>= 2.0.0)
      escape_utils
      eventmachine (>= 0.12.9)
    em-synchrony (0.2.0)
      eventmachine (>= 0.12.9)
    escape_utils (0.2.0)
    eventmachine (0.12.10)
    http_router (0.5.3)
      rack (>= 1.0.0)
      url_mount (~> 0.2.1)
    kgio (2.3.2)
    mysql2 (0.2.6)
    rack (1.2.1)
    rainbows (3.1.0)
      rack (~> 1.1)
      unicorn (~> 3.4)
    thin (1.2.7)
      daemons (>= 1.0.9)
      eventmachine (>= 0.12.6)
      rack (>= 1.0.0)
    unicorn (3.4.0)
      kgio (~> 2.2)
      rack
    url_mount (0.2.1)
      rack
    yajl-ruby (0.8.1)

PLATFORMS
  ruby

DEPENDENCIES
  activerecord (= 2.3.9)
  activesupport (= 2.3.9)
  cramp!
  em-http-request
  em-synchrony
  eventmachine (~> 0.12.10)
  http_router
  mysql2
  rack (~> 1.2.1)
  rainbows
  thin (~> 1.2.7)
  yajl-ruby
